GEM
  remote: https://rubygems.org/
  specs:
    builder (3.2.2)
    coderay (1.0.9)
    diff-lcs (1.2.4)
    dropbox-sdk (1.5.1)
      json
    excon (0.25.3)
    faraday (0.8.7)
      multipart-post (~> 1.1)
    ffi (1.9.0)
    fog (1.13.0)
      builder
      excon (~> 0.25.0)
      formatador (~> 0.2.0)
      mime-types
      multi_json (~> 1.0)
      net-scp (~> 1.1)
      net-ssh (>= 2.1.3)
      nokogiri (~> 1.5.0)
      ruby-hmac
    formatador (0.2.4)
    fuubar (1.2.1)
      rspec (~> 2.0)
      rspec-instafail (~> 0.2.0)
      ruby-progressbar (~> 1.0)
    guard (1.8.3)
      formatador (>= 0.2.4)
      listen (~> 1.3)
      lumberjack (>= 1.0.2)
      pry (>= 0.9.10)
      thor (>= 0.14.6)
    guard-rspec (3.1.0)
      guard (>= 1.8)
      rspec (~> 2.13)
    hipchat (0.11.0)
      httparty
    httparty (0.11.0)
      multi_json (~> 1.0)
      multi_xml (>= 0.5.2)
    json (1.8.0)
    listen (1.3.1)
      rb-fsevent (>= 0.9.3)
      rb-inotify (>= 0.9)
      rb-kqueue (>= 0.2)
    lumberjack (1.0.4)
    mail (2.5.4)
      mime-types (~> 1.16)
      treetop (~> 1.4.8)
    metaclass (0.0.1)
    method_source (0.8.2)
    mime-types (1.23)
    mocha (0.14.0)
      metaclass (~> 0.0.1)
    multi_json (1.7.7)
    multi_xml (0.5.4)
    multipart-post (1.2.0)
    net-scp (1.1.2)
      net-ssh (>= 2.6.5)
    net-sftp (2.1.2)
      net-ssh (>= 2.6.5)
    net-ssh (2.6.8)
    nokogiri (1.5.10)
    open4 (1.3.0)
    polyglot (0.3.3)
    pry (0.9.12.2)
      coderay (~> 1.0.5)
      method_source (~> 0.8)
      slop (~> 3.4)
    rb-fsevent (0.9.3)
    rb-inotify (0.9.2)
      ffi (>= 0.5.0)
    rb-kqueue (0.2.0)
      ffi (>= 0.5.0)
    redcarpet (2.3.0)
    rspec (2.14.1)
      rspec-core (~> 2.14.0)
      rspec-expectations (~> 2.14.0)
      rspec-mocks (~> 2.14.0)
    rspec-core (2.14.6)
    rspec-expectations (2.14.3)
      diff-lcs (>= 1.1.3, < 2.0)
    rspec-instafail (0.2.4)
    rspec-mocks (2.14.4)
    ruby-hmac (0.4.0)
    ruby-progressbar (1.2.0)
    simple_oauth (0.2.0)
    slop (3.4.6)
    thor (0.19.1)
    timecop (0.6.1)
    treetop (1.4.14)
      polyglot
      polyglot (>= 0.3.1)
    twitter (4.8.1)
      faraday (~> 0.8, < 0.10)
      multi_json (~> 1.0)
      simple_oauth (~> 0.2)
    yard (0.8.7.2)

PLATFORMS
  ruby

DEPENDENCIES
  dropbox-sdk (= 1.5.1)
  excon
  fog (>= 1.13.0)
  fuubar
  guard
  guard-rspec
  hipchat
  json
  listen (~> 1.0)
  mail (>= 2.5.4)
  mocha
  net-scp
  net-sftp
  net-ssh
  open4
  rb-fsevent
  rb-inotify
  redcarpet (< 3.0)
  rspec
  thor (= 0.19.1)
  timecop (= 0.6.1)
  twitter
  yard

BUNDLED WITH
   1.10.6
